GEM
  remote: http://rubygems.org/
  specs:
    activemodel (3.0.3)
      activesupport (= 3.0.3)
      builder (~> 2.1.2)
      i18n (~> 0.4)
    activerecord (3.0.3)
      activemodel (= 3.0.3)
      activesupport (= 3.0.3)
      arel (~> 2.0.2)
      tzinfo (~> 0.3.23)
    activesupport (3.0.3)
    arel (2.0.6)
    builder (2.1.2)
    cucumber (1.1.4)
      builder (>= 2.1.2)
      diff-lcs (>= 1.1.2)
      gherkin (~> 2.7.1)
      json (>= 1.4.6)
      term-ansicolor (>= 1.0.6)
    diff-lcs (1.1.2)
    gherkin (2.7.1)
      json (>= 1.4.6)
    git (1.2.5)
    i18n (0.5.0)
    jeweler (1.5.2)
      bundler (~> 1.0.0)
      git (>= 1.2.5)
      rake
    json (1.6.4)
    metaclass (0.0.1)
    mocha (0.10.2)
      metaclass (~> 0.0.1)
    rainbow (1.1.3)
    rake (0.8.7)
    rcov (0.9.11)
    rspec (2.4.0)
      rspec-core (~> 2.4.0)
      rspec-expectations (~> 2.4.0)
      rspec-mocks (~> 2.4.0)
    rspec-core (2.4.0)
    rspec-expectations (2.4.0)
      diff-lcs (~> 1.1.2)
    rspec-mocks (2.4.0)
    sqlite3 (1.3.5)
    sqlite3-ruby (1.3.3)
      sqlite3 (>= 1.3.3)
    term-ansicolor (1.0.6)
    tzinfo (0.3.23)
    yard (0.6.4)

PLATFORMS
  ruby

DEPENDENCIES
  activerecord (>= 3.0.3)
  activesupport (>= 3.0.3)
  cucumber (>= 1.1.4)
  jeweler (>= 1.5.2)
  mocha (>= 0.10.0)
  rainbow (>= 1.1.3)
  rcov (>= 0.9.11)
  rspec (>= 2.3.0)
  sqlite3-ruby (>= 1.3.3)
  yard (>= 0.6.0)
